GEM
  specs:
    rack (1.3.5)

PLATFORMS
  ruby

DEPENDENCIES
  rack
